GEM
  remote: http://rubygems.org/
  specs:
    flexmock (0.8.11)
    rake (0.8.7)
    test-unit (2.1.1)

PLATFORMS
  ruby

DEPENDENCIES
  flexmock
  rake
  test-unit
